GEM
  remote: http://rubygems.org/
  specs:
    diff-lcs (1.1.2)
    relevance-rcov (0.9.2.1)
    rr (1.0.2)
    rspec (2.5.0)
      rspec-core (~> 2.5.0)
      rspec-expectations (~> 2.5.0)
      rspec-mocks (~> 2.5.0)
    rspec-core (2.5.1)
    rspec-expectations (2.5.0)
      diff-lcs (~> 1.1.2)
    rspec-mocks (2.5.0)

PLATFORMS
  ruby

DEPENDENCIES
  relevance-rcov
  rr
  rspec
